PATH
  remote: .
  specs:
    datawow (1.5.0)
      json (~> 1.8, >= 1.8.3)

GEM
  remote: https://rubygems.org/
  specs:
    addressable (2.5.2)
      public_suffix (>= 2.0.2, < 4.0)
    crack (0.4.3)
      safe_yaml (~> 1.0.0)
    docile (1.1.5)
    hashdiff (0.3.7)
    json (1.8.6)
    minitest (5.11.3)
    public_suffix (3.0.3)
    rake (12.3.3)
    safe_yaml (1.0.4)
    simplecov (0.15.1)
      docile (~> 1.1.0)
      json (>= 1.8, < 3)
      simplecov-html (~> 0.10.0)
    simplecov-html (0.10.2)
    webmock (3.4.2)
      addressable (>= 2.3.6)
      crack (>= 0.3.2)
      hashdiff

PLATFORMS
  ruby

DEPENDENCIES
  datawow!
  minitest (~> 5.11, >= 5.11.3)
  rake (~> 12.3)
  simplecov (~> 0.15.1)
  webmock (~> 3.3)

BUNDLED WITH
   1.17.1
